PATH
  remote: .
  specs:
    ruby-xcdm (1.0.0)
      activesupport (>= 4.1, < 8.0)
      builder (~> 3.2)
      plist (~> 3.1)

GEM
  remote: https://rubygems.org/
  specs:
    activesupport (7.0.4.2)
      concurrent-ruby (~> 1.0, >= 1.0.2)
      i18n (>= 1.6, < 2)
      minitest (>= 5.1)
      tzinfo (~> 2.0)
    builder (3.2.4)
    concurrent-ruby (1.2.0)
    i18n (1.12.0)
      concurrent-ruby (~> 1.0)
    minitest (5.14.3)
    plist (3.6.0)
    rake (13.0.3)
    tzinfo (2.0.6)
      concurrent-ruby (~> 1.0)

PLATFORMS
  ruby

DEPENDENCIES
  activesupport
  builder
  minitest
  plist
  rake
  ruby-xcdm!

BUNDLED WITH
   2.2.11
